GEM
  remote: https://rubygems.org/
  specs:
    concurrent-ruby (1.0.5)
    gosu (0.13.3)

PLATFORMS
  ruby

DEPENDENCIES
  concurrent-ruby
  gosu

BUNDLED WITH
   1.16.2
